GIT
  remote: https://github.com/benbalter/gman
  revision: 5483da562e3604920f3add7ba56eded4a81df4f4
  specs:
    gman (7.0.2)
      colored (~> 1.2)
      iso_country_codes (~> 0.6)
      naughty_or_nice (= 2.1)
      public_suffix (~> 2.0)

GEM
  remote: https://rubygems.org/
  specs:
    addressable (2.8.1)
      public_suffix (>= 2.0.2, < 6.0)
    ast (2.4.0)
    colored (1.2)
    iso_country_codes (0.7.8)
    jaro_winkler (1.5.1)
    multi_json (1.13.1)
    mustermann (1.0.2)
    naughty_or_nice (2.1.0)
      addressable (~> 2.3)
      public_suffix (~> 2.0)
    parallel (1.12.1)
    parser (2.5.1.0)
      ast (~> 2.4.0)
    powerpack (0.1.1)
    public_suffix (2.0.5)
    rack (2.0.5)
    rack-protection (2.0.2)
      rack
    rainbow (3.0.0)
    rubocop (0.57.1)
      jaro_winkler (~> 1.5.1)
      parallel (~> 1.10)
      parser (>= 2.5)
      powerpack (~> 0.1)
      rainbow (>= 2.2.2, < 4.0)
      ruby-progressbar (~> 1.7)
      unicode-display_width (~> 1.0, >= 1.0.1)
    ruby-progressbar (1.9.0)
    sinatra (2.0.2)
      mustermann (~> 1.0)
      rack (~> 2.0)
      rack-protection (= 2.0.2)
      tilt (~> 2.0)
    sinatra-jsonp (0.5.0)
      multi_json (~> 1.8)
      sinatra (>= 1.0)
    tilt (2.0.8)
    unicode-display_width (1.4.0)

PLATFORMS
  ruby

DEPENDENCIES
  gman!
  rubocop
  sinatra
  sinatra-jsonp

BUNDLED WITH
   1.16.2
